GEM
  remote: https://rubygems.org/
  specs:
    activemodel (5.2.2.1)
      activesupport (= 5.2.2.1)
    activesupport (5.2.2.1)
      concurrent-ruby (~> 1.0, >= 1.0.2)
      i18n (>= 0.7, < 2)
      minitest (~> 5.1)
      tzinfo (~> 1.1)
    better_errors (2.5.1)
      coderay (>= 1.0.0)
      erubi (>= 1.0.0)
      rack (>= 0.9.0)
    binding_of_caller (0.8.0)
      debug_inspector (>= 0.0.1)
    bson (4.4.2)
    coderay (1.1.2)
    concurrent-ruby (1.1.5)
    debug_inspector (0.0.3)
    diff-lcs (1.3)
    dotenv (2.7.1)
    dry-configurable (0.8.2)
      concurrent-ruby (~> 1.0)
      dry-core (~> 0.4, >= 0.4.7)
    dry-container (0.7.0)
      concurrent-ruby (~> 1.0)
      dry-configurable (~> 0.1, >= 0.1.3)
    dry-core (0.4.7)
      concurrent-ruby (~> 1.0)
    dry-equalizer (0.2.2)
    dry-logic (0.4.2)
      dry-container (~> 0.2, >= 0.2.6)
      dry-core (~> 0.2)
      dry-equalizer (~> 0.2)
    dry-types (0.11.1)
      concurrent-ruby (~> 1.0)
      dry-configurable (~> 0.1)
      dry-container (~> 0.3)
      dry-core (~> 0.2, >= 0.2.1)
      dry-equalizer (~> 0.2)
      dry-logic (~> 0.4, >= 0.4.0)
      inflecto (~> 0.0.0, >= 0.0.2)
    dry-validation (0.11.0)
      concurrent-ruby (~> 1.0)
      dry-configurable (~> 0.1, >= 0.1.3)
      dry-core (~> 0.2, >= 0.2.1)
      dry-equalizer (~> 0.2)
      dry-logic (~> 0.4, >= 0.4.0)
      dry-types (~> 0.11.0)
    erubi (1.8.0)
    hanami (1.3.1)
      bundler (>= 1.6, < 3)
      concurrent-ruby (~> 1.0)
      hanami-assets (~> 1.3)
      hanami-cli (~> 0.3)
      hanami-controller (~> 1.3)
      hanami-helpers (~> 1.3)
      hanami-mailer (~> 1.3)
      hanami-router (~> 1.3)
      hanami-utils (~> 1.3)
      hanami-validations (~> 1.3)
      hanami-view (~> 1.3)
    hanami-assets (1.3.1)
      hanami-helpers (~> 1.3)
      hanami-utils (~> 1.3)
      tilt (~> 2.0, >= 2.0.2)
    hanami-cli (0.3.1)
      concurrent-ruby (~> 1.0)
      hanami-utils (~> 1.3)
    hanami-controller (1.3.1)
      hanami-utils (~> 1.3)
      rack (~> 2.0)
    hanami-helpers (1.3.1)
      hanami-utils (~> 1.3)
    hanami-mailer (1.3.1)
      hanami-utils (~> 1.3)
      mail (~> 2.6)
      tilt (~> 2.0, >= 2.0.1)
    hanami-router (1.3.1)
      hanami-utils (~> 1.3)
      http_router (= 0.11.2)
      rack (~> 2.0)
    hanami-utils (1.3.1)
      concurrent-ruby (~> 1.0)
      transproc (~> 1.0)
    hanami-validations (1.3.3)
      dry-logic (~> 0.4.2, < 0.5)
      dry-validation (~> 0.11, < 0.12)
      hanami-utils (~> 1.3)
    hanami-view (1.3.1)
      hanami-utils (~> 1.3)
      tilt (~> 2.0, >= 2.0.1)
    hanami-webconsole (0.1.0)
      better_errors (~> 2.4)
      binding_of_caller (~> 0.8)
    http_router (0.11.2)
      rack (>= 1.0.0)
      url_mount (~> 0.2.1)
    httparty (0.21.0)
      mini_mime (>= 1.0.0)
      multi_xml (>= 0.5.2)
    i18n (1.6.0)
      concurrent-ruby (~> 1.0)
    inflecto (0.0.2)
    interactor (3.1.1)
    mail (2.7.1)
      mini_mime (>= 0.1.1)
    method_source (0.9.2)
    mini_mime (1.0.1)
    minitest (5.11.3)
    mongo (2.8.0)
      bson (>= 4.4.2, < 5.0.0)
    mongoid (7.0.2)
      activemodel (>= 5.1, < 6.0.0)
      mongo (>= 2.5.1, < 3.0.0)
    multi_xml (0.6.0)
    pry (0.12.2)
      coderay (~> 1.1.0)
      method_source (~> 0.9.0)
    rack (2.0.6)
    rake (12.3.2)
    rspec (3.8.0)
      rspec-core (~> 3.8.0)
      rspec-expectations (~> 3.8.0)
      rspec-mocks (~> 3.8.0)
    rspec-core (3.8.0)
      rspec-support (~> 3.8.0)
    rspec-expectations (3.8.2)
      diff-lcs (>= 1.2.0, < 2.0)
      rspec-support (~> 3.8.0)
    rspec-mocks (3.8.0)
      diff-lcs (>= 1.2.0, < 2.0)
      rspec-support (~> 3.8.0)
    rspec-support (3.8.0)
    shotgun (0.9.2)
      rack (>= 1.0)
    thread_safe (0.3.6)
    tilt (2.0.9)
    transproc (1.0.3)
    tzinfo (1.2.5)
      thread_safe (~> 0.1)
    url_mount (0.2.1)
      rack

PLATFORMS
  ruby

DEPENDENCIES
  dotenv (~> 2.7.1)
  hanami (~> 1.3.1)
  hanami-webconsole
  httparty (~> 0.21.0)
  interactor (~> 3.0)
  mongoid (~> 7.0)
  pry (~> 0.12.2)
  rake (~> 12.3.2)
  rspec (~> 3.8.0)
  shotgun

BUNDLED WITH
   1.17.2
